GEM
  remote: http://rubygems.org/
  specs:
    builder (2.1.2)
    cucumber (0.8.5)
      builder (~> 2.1.2)
      diff-lcs (~> 1.1.2)
      gherkin (~> 2.1.4)
      json_pure (~> 1.4.3)
      term-ansicolor (~> 1.0.4)
    diff-lcs (1.1.2)
    gherkin (2.1.5-java)
      trollop (~> 1.16.2)
    json_pure (1.4.6)
    rspec (2.0.0.beta.15)
      rspec-core (= 2.0.0.beta.15)
      rspec-expectations (= 2.0.0.beta.15)
      rspec-mocks (= 2.0.0.beta.15)
    rspec-core (2.0.0.beta.15)
    rspec-expectations (2.0.0.beta.15)
      diff-lcs (>= 1.1.2)
    rspec-mocks (2.0.0.beta.15)
    term-ansicolor (1.0.5)
    trollop (1.16.2)

PLATFORMS
  java

DEPENDENCIES
  cucumber (= 0.8.5)
  rspec (= 2.0.0.beta.15)
